GEM
  remote: http://rubygems.org/
  specs:
    rack (2.0.1)
    rulers (0.0.1)
      rack (~> 2.0)

PLATFORMS
  ruby

DEPENDENCIES
  rulers

BUNDLED WITH
   1.12.5
